GEM
  remote: https://rubygems.org/
  specs:
    active-fedora (8.4.1)
      active-triples (~> 0.4.0)
      activesupport (>= 3.0.0)
      deprecation
      nom-xml (>= 0.5.1)
      om (~> 3.1)
      rdf-rdfxml (~> 1.1)
      rsolr (>= 1.0.11, < 3)
      rubydora (>= 1.8.0, < 3)
    active-triples (0.4.1)
      activemodel (>= 3.0.0)
      activesupport (>= 3.0.0)
      deprecation (~> 0.1)
      rdf (~> 1.1)
      rdf-vocab (~> 0.8)
    activemodel (5.1.4)
      activesupport (= 5.1.4)
    activesupport (5.1.4)
      concurrent-ruby (~> 1.0, >= 1.0.2)
      i18n (~> 0.7)
      minitest (~> 5.1)
      tzinfo (~> 1.1)
    bagit (0.4.1)
      docopt (~> 0.5.0)
      validatable (~> 1.6)
    builder (3.2.3)
    byebug (10.0.0)
    concurrent-ruby (1.0.5)
    confstruct (0.2.7)
    connection_pool (2.2.1)
    daemons (1.2.6)
    deprecation (0.99.0)
      activesupport
    docopt (0.5.0)
    domain_name (0.5.20170404)
      unf (>= 0.0.5, < 1.0.0)
    dor-rights-auth (1.3.0)
      nokogiri
    dor-services (5.26.0)
      active-fedora (>= 6.0, < 9.a)
      activesupport (>= 3.2.18)
      confstruct (~> 0.2.7)
      dor-rights-auth (~> 1.0, >= 1.2.0)
      dor-workflow-service (~> 2.0, >= 2.0.1)
      druid-tools (~> 0.4, >= 0.4.1)
      equivalent-xml (~> 0.5, >= 0.5.1)
      json (>= 1.8.1)
      lyber-utils (~> 0.1.2)
      moab-versioning (~> 2.0)
      modsulator (>= 0.0.7, < 2)
      net-sftp (~> 2.1)
      nokogiri (~> 1.6)
      om (~> 3.0)
      rdf (~> 1.1, >= 1.1.7)
      rest-client (>= 1.7, < 3)
      retries
      rsolr (>= 1.0.3, < 3)
      ruby-cache (~> 0.3.0)
      ruby-graphviz
      rubydora (~> 1.6, >= 1.6.5)
      solrizer (~> 3.0)
      stanford-mods (>= 2.3.1)
      systemu (~> 2.6)
      uuidtools (~> 2.1.4)
    dor-workflow-service (2.2.1)
      activesupport (>= 3.2.1, < 6)
      confstruct (>= 0.2.7, < 2)
      faraday (~> 0.9, >= 0.9.2)
      net-http-persistent (>= 2.9.4, < 4.a)
      nokogiri (~> 1.6)
      retries
    druid-tools (0.4.1)
    edtf (3.0.4)
      activesupport (>= 3.0, < 6.0)
    equivalent-xml (0.6.0)
      nokogiri (>= 1.4.3)
    faraday (0.14.0)
      multipart-post (>= 1.2, < 3)
    haml (4.0.7)
      tilt
    hooks (0.4.1)
      uber (~> 0.0.14)
    htmlentities (4.3.4)
    http-cookie (1.0.3)
      domain_name (~> 0.5)
    i18n (0.9.3)
      concurrent-ruby (~> 1.0)
    iso-639 (0.2.8)
    json (2.1.0)
    link_header (0.0.8)
    lyber-utils (0.1.2)
      bagit (>= 0.1.0)
      nokogiri (>= 1.4.3.1)
      systemu (>= 1.2.0)
      validatable
    mime-types (3.1)
      mime-types-data (~> 3.2015)
    mime-types-data (3.2016.0521)
    mini_portile2 (2.3.0)
    minitest (5.11.3)
    moab-versioning (2.1.0)
      confstruct
      json
      nokogiri
      nokogiri-happymapper
      systemu
    mods (2.3.1)
      edtf
      iso-639
      nokogiri
      nom-xml (~> 0.6.0)
    modsulator (1.0.5)
      activesupport
      equivalent-xml (>= 0.6.0)
      nokogiri
      roo (= 2.5.1)
    multipart-post (2.0.0)
    net-http-persistent (3.0.0)
      connection_pool (~> 2.2)
    net-sftp (2.1.2)
      net-ssh (>= 2.6.5)
    net-ssh (4.2.0)
    netrc (0.11.0)
    nokogiri (1.8.2)
      mini_portile2 (~> 2.3.0)
    nokogiri-happymapper (0.6.0)
      nokogiri (~> 1.5)
    nom-xml (0.6.0)
      activesupport (>= 3.2.18)
      i18n
      nokogiri
    om (3.1.1)
      activemodel
      activesupport
      nokogiri (>= 1.4.2)
      solrizer (~> 3.3)
    rdf (1.99.1)
      link_header (~> 0.0, >= 0.0.8)
    rdf-aggregate-repo (1.99.0)
      rdf (~> 1.99)
    rdf-rdfa (1.99.1)
      haml (~> 4.0)
      htmlentities (~> 4.3)
      rdf (~> 1.99)
      rdf-aggregate-repo (~> 1.1)
      rdf-xsd (~> 1.1)
    rdf-rdfxml (1.99.0)
      htmlentities (~> 4.3)
      rdf (~> 1.99)
      rdf-rdfa (~> 1.99)
      rdf-xsd (~> 1.99)
    rdf-vocab (0.8.8)
      rdf (~> 1.1, >= 1.1.10)
    rdf-xsd (1.99.0)
      rdf (~> 1.99)
    rest-client (2.0.2)
      http-cookie (>= 1.0.2, < 2.0)
      mime-types (>= 1.16, < 4.0)
      netrc (~> 0.8)
    retries (0.0.5)
    roo (2.5.1)
      nokogiri (~> 1)
      rubyzip (~> 1.1, < 2.0.0)
    rsolr (2.1.0)
      builder (>= 2.1.2)
      faraday (>= 0.9.0)
    ruby-cache (0.3.0)
    ruby-graphviz (1.2.3)
    rubydora (1.9.1)
      activemodel
      activesupport
      deprecation
      equivalent-xml
      hooks (~> 0.3)
      mime-types
      nokogiri
      rest-client
    rubyzip (1.2.1)
    solrizer (3.4.1)
      activesupport
      daemons
      nokogiri
      stomp
      xml-simple
    stanford-mods (2.5.1)
      activesupport
      mods (~> 2.2)
    stomp (1.4.4)
    systemu (2.6.5)
    thread_safe (0.3.6)
    tilt (2.0.8)
    tzinfo (1.2.5)
      thread_safe (~> 0.1)
    uber (0.0.15)
    unf (0.1.4)
      unf_ext
    unf_ext (0.0.7.5)
    uuidtools (2.1.5)
    validatable (1.6.7)
    xml-simple (1.1.5)

PLATFORMS
  ruby

DEPENDENCIES
  byebug
  dor-services

BUNDLED WITH
   1.16.0
